GEM
  remote: https://rubygems.org/
  specs:
    actioncable (5.2.4.3)
      actionpack (= 5.2.4.3)
      nio4r (~> 2.0)
      websocket-driver (>= 0.6.1)
    actionmailer (5.2.4.3)
      actionpack (= 5.2.4.3)
      actionview (= 5.2.4.3)
      activejob (= 5.2.4.3)
      mail (~> 2.5, >= 2.5.4)
      rails-dom-testing (~> 2.0)
    actionpack (5.2.4.3)
      actionview (= 5.2.4.3)
      activesupport (= 5.2.4.3)
      rack (~> 2.0, >= 2.0.8)
      rack-test (>= 0.6.3)
      rails-dom-testing (~> 2.0)
      rails-html-sanitizer (~> 1.0, >= 1.0.2)
    actionview (5.2.4.3)
      activesupport (= 5.2.4.3)
      builder (~> 3.1)
      erubi (~> 1.4)
      rails-dom-testing (~> 2.0)
      rails-html-sanitizer (~> 1.0, >= 1.0.3)
    activejob (5.2.4.3)
      activesupport (= 5.2.4.3)
      globalid (>= 0.3.6)
    activemodel (5.2.4.3)
      activesupport (= 5.2.4.3)
    activerecord (5.2.4.3)
      activemodel (= 5.2.4.3)
      activesupport (= 5.2.4.3)
      arel (>= 9.0)
    activestorage (5.2.4.3)
      actionpack (= 5.2.4.3)
      activerecord (= 5.2.4.3)
      marcel (~> 0.3.1)
    activesupport (5.2.4.3)
      concurrent-ruby (~> 1.0, >= 1.0.2)
      i18n (>= 0.7, < 2)
      minitest (~> 5.1)
      tzinfo (~> 1.1)
    acts-as-taggable-on (6.5.0)
      activerecord (>= 5.0, < 6.1)
    addressable (2.7.0)
      public_suffix (>= 2.0.2, < 5.0)
    almond-rails (0.3.0)
      rails (>= 4.2)
    arel (9.0.0)
    ast (2.4.1)
    autoprefixer-rails (8.5.2)
      execjs
    aws-eventstream (1.1.0)
    aws-partitions (1.351.0)
    aws-sdk-core (3.104.3)
      aws-eventstream (~> 1, >= 1.0.2)
      aws-partitions (~> 1, >= 1.239.0)
      aws-sigv4 (~> 1.1)
      jmespath (~> 1.0)
    aws-sdk-kms (1.36.0)
      aws-sdk-core (~> 3, >= 3.99.0)
      aws-sigv4 (~> 1.1)
    aws-sdk-s3 (1.75.0)
      aws-sdk-core (~> 3, >= 3.104.1)
      aws-sdk-kms (~> 1)
      aws-sigv4 (~> 1.1)
    aws-sigv4 (1.2.1)
      aws-eventstream (~> 1, >= 1.0.2)
    babel-source (5.8.35)
    babel-transpiler (0.7.0)
      babel-source (>= 4.0, < 6)
      execjs (~> 2.0)
    bcrypt (3.1.15)
    better_errors (2.7.1)
      coderay (>= 1.0.0)
      erubi (>= 1.0.0)
      rack (>= 0.9.0)
    bindex (0.8.1)
    binding_of_caller (0.8.0)
      debug_inspector (>= 0.0.1)
    bixby (1.0.0)
      rubocop (~> 0.50, <= 0.52.1)
      rubocop-rspec (~> 1.22, <= 1.22.2)
    blacklight (6.20.0)
      bootstrap-sass (~> 3.2)
      deprecation
      globalid
      jbuilder (~> 2.7)
      kaminari (>= 0.15)
      nokogiri (~> 1.6)
      rails (>= 4.2, < 6)
      rsolr (>= 1.0.6, < 3)
      twitter-typeahead-rails (= 0.11.1.pre.corejavascript)
    blacklight-gallery (0.12.0)
      blacklight (~> 6.3)
      bootstrap-sass (~> 3.0)
      openseadragon (>= 0.2.0)
      rails
    blacklight-oembed (0.3.0)
      blacklight (>= 5.0, < 7)
      bootstrap-sass (~> 3.0)
      rails
      ruby-oembed
    blacklight-spotlight (2.13.0)
      acts-as-taggable-on (>= 5.0, < 7)
      almond-rails (~> 0.1)
      autoprefixer-rails
      blacklight (~> 6.20)
      blacklight-oembed (~> 0.3)
      bootstrap_form (~> 2.2)
      breadcrumbs_on_rails (~> 3.0)
      cancancan
      carrierwave
      clipboard-rails (~> 1.5)
      devise (>= 3.0)
      devise_invitable (~> 1.6)
      faraday
      faraday_middleware
      friendly_id (~> 5.2)
      github-markup
      i18n
      i18n-active_record
      iiif-presentation
      iiif_manifest
      leaflet-rails
      legato
      mini_magick
      nokogiri
      oauth2
      openseadragon
      paper_trail (~> 10.0)
      rails (~> 5.1)
      riiif (~> 2.0)
      roar (~> 1.1)
      roar-rails
      signet
      sir_trevor_rails (~> 0.5)
      sprockets-es6
      tophat
      underscore-rails (~> 1.6)
    bootstrap-sass (3.3.7)
      autoprefixer-rails (>= 5.2.1)
      sass (>= 3.3.4)
    bootstrap_form (2.7.0)
    breadcrumbs_on_rails (3.0.1)
    builder (3.2.4)
    byebug (11.1.3)
    cancancan (3.1.0)
    carrierwave (2.1.0)
      activemodel (>= 5.0.0)
      activesupport (>= 5.0.0)
      addressable (~> 2.6)
      image_processing (~> 1.1)
      mimemagic (>= 0.3.0)
      mini_mime (>= 0.1.3)
    carrierwave-aws (1.5.0)
      aws-sdk-s3 (~> 1.0)
      carrierwave (~> 2.0)
    clipboard-rails (1.7.1)
    coderay (1.1.3)
    concurrent-ruby (1.1.6)
    connection_pool (2.2.3)
    coveralls (0.8.23)
      json (>= 1.8, < 3)
      simplecov (~> 0.16.1)
      term-ansicolor (~> 1.3)
      thor (>= 0.19.4, < 2.0)
      tins (~> 1.6)
    crass (1.0.6)
    debug_inspector (0.0.3)
    declarative (0.0.20)
    declarative-option (0.1.0)
    deprecation (1.0.0)
      activesupport
    devise (4.7.2)
      bcrypt (~> 3.0)
      orm_adapter (~> 0.1)
      railties (>= 4.1.0)
      responders
      warden (~> 1.2.3)
    devise-guests (0.7.0)
      devise
    devise_invitable (1.7.5)
      actionmailer (>= 4.1.0)
      devise (>= 4.0.0)
    diff-lcs (1.4.4)
    diffy (3.3.0)
    docile (1.3.2)
    dotenv (2.7.6)
    dotenv-deployment (0.0.2)
    dotenv-rails (2.7.6)
      dotenv (= 2.7.6)
      railties (>= 3.2)
    erubi (1.9.0)
    execjs (2.7.0)
    faraday (1.0.1)
      multipart-post (>= 1.2, < 3)
    faraday_middleware (1.0.0)
      faraday (~> 1.0)
    ffi (1.13.1)
    font-awesome-sass (4.5.0)
      sass (>= 3.2)
    friendly_id (5.3.0)
      activerecord (>= 4.0.0)
    github-markup (3.0.4)
    globalid (0.4.2)
      activesupport (>= 4.2.0)
    i18n (1.8.5)
      concurrent-ruby (~> 1.0)
    i18n-active_record (0.4.0)
      i18n (>= 0.5.0)
    iiif-image-api (0.2.0)
      activesupport
    iiif-presentation (1.0.0)
      activesupport (>= 3.2.18)
      faraday (>= 0.9)
      json
    iiif_manifest (1.0.1)
      activesupport (>= 4)
    image_processing (1.11.0)
      mini_magick (>= 4.9.5, < 5)
      ruby-vips (>= 2.0.17, < 3)
    jbuilder (2.10.0)
      activesupport (>= 5.0.0)
    jmespath (1.4.0)
    jquery-rails (4.4.0)
      rails-dom-testing (>= 1, < 3)
      railties (>= 4.2.0)
      thor (>= 0.14, < 2.0)
    json (2.3.1)
    jwt (2.2.1)
    kaminari (1.2.1)
      activesupport (>= 4.1.0)
      kaminari-actionview (= 1.2.1)
      kaminari-activerecord (= 1.2.1)
      kaminari-core (= 1.2.1)
    kaminari-actionview (1.2.1)
      actionview
      kaminari-core (= 1.2.1)
    kaminari-activerecord (1.2.1)
      activerecord
      kaminari-core (= 1.2.1)
    kaminari-core (1.2.1)
    launchy (2.5.0)
      addressable (~> 2.7)
    leaflet-rails (1.6.0)
      rails (>= 4.2.0)
    legato (0.7.0)
      multi_json
    letter_opener (1.7.0)
      launchy (~> 2.2)
    listen (3.2.1)
      rb-fsevent (~> 0.10, >= 0.10.3)
      rb-inotify (~> 0.9, >= 0.9.10)
    loofah (2.6.0)
      crass (~> 1.0.2)
      nokogiri (>= 1.5.9)
    mail (2.7.1)
      mini_mime (>= 0.1.1)
    marcel (0.3.3)
      mimemagic (~> 0.3.2)
    method_source (1.0.0)
    mimemagic (0.3.5)
    mina (1.2.3)
      open4 (~> 1.3.4)
      rake
    mini_magick (4.10.1)
    mini_mime (1.0.2)
    mini_portile2 (2.4.0)
    minitest (5.14.1)
    multi_json (1.15.0)
    multi_xml (0.6.0)
    multipart-post (2.1.1)
    mysql2 (0.5.3)
    nio4r (2.5.2)
    nokogiri (1.10.10)
      mini_portile2 (~> 2.4.0)
    oauth2 (1.4.4)
      faraday (>= 0.8, < 2.0)
      jwt (>= 1.0, < 3.0)
      multi_json (~> 1.3)
      multi_xml (~> 0.5)
      rack (>= 1.2, < 3)
    open4 (1.3.4)
    openseadragon (0.5.0)
      rails (> 3.2.0)
    orm_adapter (0.5.0)
    paper_trail (10.3.1)
      activerecord (>= 4.2)
      request_store (~> 1.1)
    parallel (1.19.2)
    parser (2.7.1.4)
      ast (~> 2.4.1)
    powerpack (0.1.2)
    public_suffix (4.0.5)
    puma (3.12.6)
    rack (2.2.3)
    rack-protection (2.0.8.1)
      rack
    rack-test (1.1.0)
      rack (>= 1.0, < 3)
    rails (5.2.4.3)
      actioncable (= 5.2.4.3)
      actionmailer (= 5.2.4.3)
      actionpack (= 5.2.4.3)
      actionview (= 5.2.4.3)
      activejob (= 5.2.4.3)
      activemodel (= 5.2.4.3)
      activerecord (= 5.2.4.3)
      activestorage (= 5.2.4.3)
      activesupport (= 5.2.4.3)
      bundler (>= 1.3.0)
      railties (= 5.2.4.3)
      sprockets-rails (>= 2.0.0)
    rails-dom-testing (2.0.3)
      activesupport (>= 4.2.0)
      nokogiri (>= 1.6)
    rails-html-sanitizer (1.3.0)
      loofah (~> 2.3)
    railties (5.2.4.3)
      actionpack (= 5.2.4.3)
      activesupport (= 5.2.4.3)
      method_source
      rake (>= 0.8.7)
      thor (>= 0.19.0, < 2.0)
    rainbow (3.0.0)
    rake (13.0.1)
    rb-fsevent (0.10.4)
    rb-inotify (0.10.1)
      ffi (~> 1.0)
    redcarpet (3.5.0)
    redis (4.1.4)
    representable (3.0.4)
      declarative (< 0.1.0)
      declarative-option (< 0.2.0)
      uber (< 0.2.0)
    request_store (1.5.0)
      rack (>= 1.4)
    responders (3.0.1)
      actionpack (>= 5.0)
      railties (>= 5.0)
    retriable (3.1.2)
    riiif (2.3.0)
      deprecation (>= 1.0.0)
      iiif-image-api (>= 0.1.0)
      railties (>= 4.2, < 7)
    roar (1.1.0)
      representable (~> 3.0.0)
    roar-rails (1.1.0)
      actionpack
      railties (>= 3.0.0)
      responders
      roar (~> 1.1.0)
      test_xml (>= 0.1.6)
      uber (< 0.2.0)
    rsolr (2.3.0)
      builder (>= 2.1.2)
      faraday (>= 0.9.0)
    rspec-core (3.9.2)
      rspec-support (~> 3.9.3)
    rspec-expectations (3.9.2)
      diff-lcs (>= 1.2.0, < 2.0)
      rspec-support (~> 3.9.0)
    rspec-mocks (3.9.1)
      diff-lcs (>= 1.2.0, < 2.0)
      rspec-support (~> 3.9.0)
    rspec-rails (3.9.1)
      actionpack (>= 3.0)
      activesupport (>= 3.0)
      railties (>= 3.0)
      rspec-core (~> 3.9.0)
      rspec-expectations (~> 3.9.0)
      rspec-mocks (~> 3.9.0)
      rspec-support (~> 3.9.0)
    rspec-support (3.9.3)
    rubocop (0.52.1)
      parallel (~> 1.10)
      parser (>= 2.4.0.2, < 3.0)
      powerpack (~> 0.1)
      rainbow (>= 2.2.2, < 4.0)
      ruby-progressbar (~> 1.7)
      unicode-display_width (~> 1.0, >= 1.0.1)
    rubocop-checkstyle_formatter (0.4.0)
      rubocop (>= 0.35.1)
    rubocop-rspec (1.22.2)
      rubocop (>= 0.52.1)
    ruby-oembed (0.13.1)
    ruby-progressbar (1.10.1)
    ruby-vips (2.0.17)
      ffi (~> 1.9)
    rubyzip (2.3.0)
    sass (3.7.4)
      sass-listen (~> 4.0.0)
    sass-listen (4.0.0)
      rb-fsevent (~> 0.9, >= 0.9.4)
      rb-inotify (~> 0.9, >= 0.9.7)
    sass-rails (5.1.0)
      railties (>= 5.2.0)
      sass (~> 3.1)
      sprockets (>= 2.8, < 4.0)
      sprockets-rails (>= 2.0, < 4.0)
      tilt (>= 1.1, < 3)
    sidekiq (5.2.9)
      connection_pool (~> 2.2, >= 2.2.2)
      rack (~> 2.0)
      rack-protection (>= 1.5.0)
      redis (>= 3.3.5, < 4.2)
    signet (0.14.0)
      addressable (~> 2.3)
      faraday (>= 0.17.3, < 2.0)
      jwt (>= 1.5, < 3.0)
      multi_json (~> 1.10)
    simplecov (0.16.1)
      docile (~> 1.1)
      json (>= 1.8, < 3)
      simplecov-html (~> 0.10.0)
    simplecov-html (0.10.2)
    sir_trevor_rails (0.6.1)
      multi_json (~> 1.0)
      rails (>= 3, < 7)
      redcarpet (>= 2.0.1, < 4)
      twitter-text (~> 1.4)
    sitemap_generator (6.1.2)
      builder (~> 3.0)
    solr_wrapper (2.2.0)
      faraday
      retriable
      ruby-progressbar
      rubyzip
    spring (2.1.0)
    sprockets (3.7.2)
      concurrent-ruby (~> 1.0)
      rack (> 1, < 3)
    sprockets-es6 (0.9.2)
      babel-source (>= 5.8.11)
      babel-transpiler
      sprockets (>= 3.0.0)
    sprockets-rails (3.2.1)
      actionpack (>= 4.0)
      activesupport (>= 4.0)
      sprockets (>= 3.0.0)
    sqlite3 (1.4.2)
    sync (0.5.0)
    term-ansicolor (1.7.1)
      tins (~> 1.0)
    test_xml (0.1.8)
      diffy (~> 3.0)
      nokogiri (>= 1.3.2)
    thor (1.0.1)
    thread_safe (0.3.6)
    tilt (2.0.10)
    tins (1.25.0)
      sync
    tophat (2.3.1)
      actionpack (>= 3.0.0)
    turbolinks (5.2.1)
      turbolinks-source (~> 5.2)
    turbolinks-source (5.2.0)
    twitter-text (1.14.7)
      unf (~> 0.1.0)
    twitter-typeahead-rails (0.11.1.pre.corejavascript)
      actionpack (>= 3.1)
      jquery-rails
      railties (>= 3.1)
    tzinfo (1.2.7)
      thread_safe (~> 0.1)
    uber (0.1.0)
    uglifier (4.2.0)
      execjs (>= 0.3.0, < 3)
    underscore-rails (1.8.3)
    unf (0.1.4)
      unf_ext
    unf_ext (0.0.7.7)
    unicode-display_width (1.7.0)
    warden (1.2.8)
      rack (>= 2.0.6)
    web-console (3.7.0)
      actionview (>= 5.0)
      activemodel (>= 5.0)
      bindex (>= 0.4.0)
      railties (>= 5.0)
    websocket-driver (0.7.3)
      websocket-extensions (>= 0.1.0)
    websocket-extensions (0.1.5)
    xray-rails (0.3.2)
      rails (>= 3.1.0)

PLATFORMS
  ruby

DEPENDENCIES
  autoprefixer-rails (= 8.5.2)
  better_errors
  binding_of_caller
  bixby (~> 1.0.0)
  blacklight (~> 6.20.0)
  blacklight-gallery (>= 0.12.0)
  blacklight-oembed (>= 0.3.0)
  blacklight-spotlight (= 2.13.0)
  bootstrap-sass (~> 3.3.6)
  byebug
  carrierwave-aws
  coveralls
  devise
  devise-guests (~> 0.7)
  devise_invitable
  dotenv-deployment
  dotenv-rails
  font-awesome-sass (~> 4.5.0)
  friendly_id (~> 5.3)
  jbuilder (~> 2.5)
  jquery-rails
  letter_opener
  listen
  mina
  mysql2
  puma (~> 3.12)
  rails (~> 5.2.0)
  riiif
  rsolr (~> 2.3)
  rspec-rails (~> 3.1)
  rubocop-checkstyle_formatter
  sass-rails (~> 5.0)
  sidekiq (~> 5.2)
  sitemap_generator
  solr_wrapper (>= 0.3)
  spring
  sprockets (= 3.7.2)
  sqlite3
  turbolinks (~> 5.2)
  tzinfo-data
  uglifier (~> 4.2)
  web-console (~> 3.0)
  xray-rails

BUNDLED WITH
   2.1.4
